GEM
  remote: https://rubygems.org/
  specs:
    rack (2.0.1)
    roda (2.25.0)
      rack

PLATFORMS
  ruby

DEPENDENCIES
  roda (~> 2.25)

BUNDLED WITH
   1.14.6
