GEM
  remote: https://rubygems.org/
  specs:
    diff-lcs (1.3)
    oj (3.0.5)
    rack (2.0.1)
    rack-test (0.6.3)
      rack (>= 1.0)
    rack-unreloader (1.6.0)
    rake (12.0.0)
    roda (2.25.0)
      rack
    rspec (3.6.0)
      rspec-core (~> 3.6.0)
      rspec-expectations (~> 3.6.0)
      rspec-mocks (~> 3.6.0)
    rspec-core (3.6.0)
      rspec-support (~> 3.6.0)
    rspec-expectations (3.6.0)
      diff-lcs (>= 1.2.0, < 2.0)
      rspec-support (~> 3.6.0)
    rspec-mocks (3.6.0)
      diff-lcs (>= 1.2.0, < 2.0)
      rspec-support (~> 3.6.0)
    rspec-support (3.6.0)
    sequel (4.46.0)
    sqlite3 (1.3.13)

PLATFORMS
  ruby

DEPENDENCIES
  oj
  rack-test (~> 0.6.3)
  rack-unreloader
  rake (~> 12.0.0)
  roda (~> 2.25.0)
  rspec (~> 3.6.0)
  sequel
  sqlite3

BUNDLED WITH
   1.14.6
