GEM
  remote: https://rubygems.org/
  specs:
    diff-lcs (1.3)
    domain_name (0.5.20170404)
      unf (>= 0.0.5, < 1.0.0)
    http-cookie (1.0.3)
      domain_name (~> 0.5)
    mime-types (3.1)
      mime-types-data (~> 3.2015)
    mime-types-data (3.2016.0521)
    netrc (0.11.0)
    oj (3.0.5)
    rack (2.0.1)
    rack-test (0.6.3)
      rack (>= 1.0)
    rack-unreloader (1.6.0)
    rake (12.0.0)
    rest-client (2.0.2)
      http-cookie (>= 1.0.2, < 2.0)
      mime-types (>= 1.16, < 4.0)
      netrc (~> 0.8)
    roda (2.25.0)
      rack
    rspec (3.6.0)
      rspec-core (~> 3.6.0)
      rspec-expectations (~> 3.6.0)
      rspec-mocks (~> 3.6.0)
    rspec-core (3.6.0)
      rspec-support (~> 3.6.0)
    rspec-expectations (3.6.0)
      diff-lcs (>= 1.2.0, < 2.0)
      rspec-support (~> 3.6.0)
    rspec-mocks (3.6.0)
      diff-lcs (>= 1.2.0, < 2.0)
      rspec-support (~> 3.6.0)
    rspec-support (3.6.0)
    sequel (4.46.0)
    sqlite3 (1.3.13)
    unf (0.1.4)
      unf_ext
    unf_ext (0.0.7.4)

PLATFORMS
  ruby

DEPENDENCIES
  oj
  rack-test (~> 0.6.3)
  rack-unreloader
  rake (~> 12.0.0)
  rest-client
  roda (~> 2.25.0)
  rspec (~> 3.6.0)
  sequel
  sqlite3

BUNDLED WITH
   1.14.6
